GIT
  remote: git://github.com/treeder/rack-flash.git
  revision: 20e393cdce030f35422dba545a1fed91ed398b29
  specs:
    rack-flash3 (1.0.5)
      rack

GEM
  remote: http://rubygems.org/
  specs:
    activemodel (4.1.1)
      activesupport (= 4.1.1)
      builder (~> 3.1)
    activerecord (4.1.1)
      activemodel (= 4.1.1)
      activesupport (= 4.1.1)
      arel (~> 5.0.0)
    activesupport (4.1.1)
      i18n (~> 0.6, >= 0.6.9)
      json (~> 1.7, >= 1.7.7)
      minitest (~> 5.1)
      thread_safe (~> 0.1)
      tzinfo (~> 1.1)
    arel (5.0.1.20140414130214)
    builder (3.2.2)
    coffee-script (2.3.0)
      coffee-script-source
      execjs
    coffee-script-source (1.7.1)
    execjs (2.2.1)
    hike (1.2.3)
    i18n (0.6.9)
    json (1.8.1)
    minitest (5.3.5)
    multi_json (1.10.1)
    pg (0.17.1)
    rack (1.5.2)
    rack-protection (1.5.3)
      rack
    rake (10.3.2)
    sass (3.3.14)
    sinatra (1.4.5)
      rack (~> 1.4)
      rack-protection (~> 1.4)
      tilt (~> 1.3, >= 1.3.4)
    sinatra-activerecord (2.0.2)
      activerecord (>= 3.2)
      sinatra (~> 1.0)
    sinatra-asset-pipeline (0.4.0)
      coffee-script
      rake
      sass
      sinatra
      sprockets
      sprockets-helpers
      sprockets-sass
    sprockets (2.12.1)
      hike (~> 1.2)
      multi_json (~> 1.0)
      rack (~> 1.0)
      tilt (~> 1.1, != 1.3.0)
    sprockets-helpers (1.1.0)
      sprockets (~> 2.0)
    sprockets-sass (1.2.0)
      sprockets (~> 2.0)
      tilt (~> 1.1)
    sqlite3 (1.3.9)
    thread_safe (0.3.4)
    tilt (1.4.1)
    tzinfo (1.2.1)
      thread_safe (~> 0.1)

PLATFORMS
  ruby

DEPENDENCIES
  activerecord
  pg (~> 0.17.1)
  rack-flash3!
  rake
  sinatra-activerecord
  sinatra-asset-pipeline
  sqlite3
